GEM
  remote: http://rubygems.org/
  specs:
    builder (3.0.0)
    haml (5.0.0)
      temple (>= 0.8.0)
      tilt
    jwt (0.1.5)
      multi_json (>= 1.0)
    multi_json (1.3.6)
    rack (1.6.11)
    rack-protection (1.5.5)
      rack
    sinatra (1.3.2)
      rack (~> 1.3, >= 1.3.6)
      rack-protection (~> 1.2)
      tilt (~> 1.3, >= 1.3.3)
    temple (0.8.2)
    tilt (1.3.3)
    twilio-ruby (3.8.0)
      builder (>= 2.1.2)
      jwt (>= 0.1.2)
      multi_json (>= 1.3.0)

PLATFORMS
  ruby

DEPENDENCIES
  haml (~> 5.0)
  sinatra (~> 1.3)
  twilio-ruby (~> 3.8)
